NUGET
  remote: https://www.nuget.org/api/v2
    Argu (3.3) - framework: net45
    Expecto (1.0.12) - framework: net45
      Argu (>= 3.2)
      FSharp.Core (>= 3.1.2.5)
    FSharp.Compiler.Service (8.0) - framework: net45
      System.Collections.Immutable (>= 1.2)
      System.Reflection.Metadata (>= 1.4.1-beta-24227-04)
    FSharp.Core (4.0.0.1) - framework: net45
    System.Collections.Immutable (1.3.0-preview1-24530-04) - framework: net45
    System.Reflection.Metadata (1.4.1-preview1-24530-04) - framework: net45
      System.Collections.Immutable (>= 1.3.0-preview1-24530-04) - framework: >= net45, >= netstandard11, monoandroid, monotouch, xamarinios, xamarinmac, winv4.5, wpav8.1
